GEM
  remote: https://rubygems.org/
  specs:
    aasm (4.12.3)
      concurrent-ruby (~> 1.0)
    beaglebone (1.2.7)
    concurrent-ruby (1.0.5)
    minitest (5.10.3)

PLATFORMS
  ruby

DEPENDENCIES
  aasm
  beaglebone
  minitest

RUBY VERSION
   ruby 2.3.1p112

BUNDLED WITH
   1.16.0
